GEM
  remote: https://rubygems.org/
  specs:
    ffi (1.9.3)
    hybridgroup-ruby-sdl-ffi (0.4.2)
      nice-ffi
    metaclass (0.0.4)
    minitest (5.4.1)
    mocha (1.1.0)
      metaclass (~> 0.0.1)
    nice-ffi (0.4)
      ffi (>= 0.5.0)
    phidgets-ffi (0.1.2)
      ffi (>= 1.0.9)

PLATFORMS
  ruby

DEPENDENCIES
  ffi (~> 1.9.3)
  hybridgroup-ruby-sdl-ffi
  minitest (~> 5.4.1)
  mocha (~> 1.1.0)
  phidgets-ffi (~> 0.1.2)
