GEM
  remote: https://rubygems.org/
  specs:
    ffi (1.9.3)
    hybridgroup-ruby-sdl-ffi (0.4.2)
      nice-ffi
    nice-ffi (0.4)
      ffi (>= 0.5.0)
    phidgets-ffi (0.1.2)
      ffi (>= 1.0.9)

PLATFORMS
  ruby

DEPENDENCIES
  ffi (~> 1.9.3)
  hybridgroup-ruby-sdl-ffi
  phidgets-ffi (~> 0.1.2)
